GEM
  remote: https://rubygems.org/
  specs:
    chef (11.6.0)
      erubis
      highline (>= 1.6.9)
      json (>= 1.4.4, <= 1.7.7)
      mixlib-authentication (>= 1.3.0)
      mixlib-cli (~> 1.3.0)
      mixlib-config (>= 1.1.2)
      mixlib-log (>= 1.3.0)
      mixlib-shellout
      net-ssh (~> 2.6)
      net-ssh-multi (~> 1.1.0)
      ohai (>= 0.6.0)
      rest-client (>= 1.0.4, < 1.7.0)
      yajl-ruby (~> 1.1)
    erubis (2.7.0)
    ffi (1.9.0-x86-mingw32)
    foodcritic (3.0.1)
      erubis
      gherkin (~> 2.11.7)
      nokogiri (~> 1.5.4)
      rake
      treetop (~> 1.4.10)
      yajl-ruby (~> 1.1.0)
    gherkin (2.11.8-x86-mingw32)
      multi_json (~> 1.3)
    highline (1.6.19)
    ipaddress (0.8.0)
    json (1.7.7)
    log_switch (0.4.0)
    mime-types (1.25)
    mixlib-authentication (1.3.0)
      mixlib-log
    mixlib-cli (1.3.0)
    mixlib-config (2.0.0)
    mixlib-log (1.6.0)
    mixlib-shellout (1.2.0-x86-mingw32)
      win32-process (~> 0.7.0)
      windows-pr (~> 1.2.2)
    multi_json (1.8.0)
    net-ssh (2.7.0)
    net-ssh-gateway (1.2.0)
      net-ssh (>= 2.6.5)
    net-ssh-multi (1.1)
      net-ssh (>= 2.1.4)
      net-ssh-gateway (>= 0.99.0)
    nokogiri (1.5.10-x86-mingw32)
    ohai (6.18.0)
      ipaddress
      mixlib-cli
      mixlib-config
      mixlib-log
      mixlib-shellout
      systemu
      yajl-ruby
    polyglot (0.3.3)
    rake (10.1.0)
    rest-client (1.6.7)
      mime-types (>= 1.16)
    systemu (2.5.2)
    tailor (1.2.1)
      log_switch (>= 0.3.0)
      term-ansicolor (>= 1.0.5)
      text-table (>= 1.2.2)
    term-ansicolor (1.2.2)
      tins (~> 0.8)
    text-table (1.2.3)
    tins (0.8.4)
    treetop (1.4.15)
      polyglot
      polyglot (>= 0.3.1)
    win32-api (1.5.0-x86-mingw32)
    win32-process (0.7.3)
      ffi (>= 1.0.0)
    windows-api (0.4.2)
      win32-api (>= 1.4.5)
    windows-pr (1.2.2)
      win32-api (>= 1.4.5)
      windows-api (>= 0.3.0)
    yajl-ruby (1.1.0-x86-mingw32)

PLATFORMS
  x86-mingw32

DEPENDENCIES
  chef (= 11.6.0)
  foodcritic (= 3.0.1)
  json (= 1.7.7)
  tailor (= 1.2.1)
